GIT
  remote: https://github.com/mvidner/ruby-dbus
  revision: ff1acbef940aac14cd57b7751725e85f2cdcec87
  branch: object-manager-service
  specs:
    ruby-dbus (0.18.1)
      rexml

PATH
  remote: .
  specs:
    d-installer (0.4.2)
      cfa (~> 1.0.2)
      cfa_grub2 (~> 2.0.0)
      cheetah (~> 1.0.0)
      eventmachine (~> 1.2.7)
      fast_gettext (~> 2.2.0)
      nokogiri (~> 1.13.1)
      rexml (~> 3.2.5)

GEM
  remote: https://rubygems.org/
  specs:
    abstract_method (1.2.1)
    byebug (11.1.3)
    cfa (1.0.2)
      ruby-augeas
    cfa_grub2 (2.0.0)
      cfa (~> 1.0)
    cheetah (1.0.0)
      abstract_method (~> 1.2)
    diff-lcs (1.5.0)
    docile (1.4.0)
    eventmachine (1.2.7)
    fast_gettext (2.2.0)
    mini_portile2 (2.8.0)
    nokogiri (1.13.8)
      mini_portile2 (~> 2.8.0)
      racc (~> 1.4)
    nokogiri (1.13.8-x86_64-linux)
      racc (~> 1.4)
    packaging_rake_tasks (1.5.1)
      rake
    racc (1.6.0)
    rake (13.0.6)
    rexml (3.2.5)
    rspec (3.11.0)
      rspec-core (~> 3.11.0)
      rspec-expectations (~> 3.11.0)
      rspec-mocks (~> 3.11.0)
    rspec-core (3.11.0)
      rspec-support (~> 3.11.0)
    rspec-expectations (3.11.0)
      diff-lcs (>= 1.2.0, < 2.0)
      rspec-support (~> 3.11.0)
    rspec-mocks (3.11.1)
      diff-lcs (>= 1.2.0, < 2.0)
      rspec-support (~> 3.11.0)
    rspec-support (3.11.0)
    ruby-augeas (0.5.0)
    simplecov (0.21.2)
      docile (~> 1.1)
      simplecov-html (~> 0.11)
      simplecov_json_formatter (~> 0.1)
    simplecov-html (0.12.3)
    simplecov-lcov (0.8.0)
    simplecov_json_formatter (0.1.4)

PLATFORMS
  ruby
  x86_64-linux

DEPENDENCIES
  byebug
  d-installer!
  packaging_rake_tasks (~> 1.5.1)
  rake (~> 13.0.6)
  rspec (~> 3.11.0)
  ruby-dbus!
  simplecov (~> 0.21.2)
  simplecov-lcov (~> 0.8.0)

BUNDLED WITH
   2.3.3
